PATH
  remote: .
  specs:
    RPG-Simulator (0.0.1)
      gli (= 2.16.0)

GEM
  remote: https://rubygems.org/
  specs:
    gli (2.16.0)
    minitest (5.10.1)
    rake (12.0.0)
    rdoc (5.1.0)

PLATFORMS
  ruby

DEPENDENCIES
  RPG-Simulator!
  minitest
  rake
  rdoc

BUNDLED WITH
   1.14.6
